GEM
  specs:
    activesupport (4.2.5.2)
      i18n (~> 0.7)
      json (~> 1.7, >= 1.7.7)
      minitest (~> 5.1)
      thread_safe (~> 0.3, >= 0.3.4)
      tzinfo (~> 1.1)
    addressable (2.4.0)
    colored (1.2)
    commander (4.4.1)
      highline (~> 1.7.2)
    credentials_manager (0.16.2)
      colored
      commander (>= 4.3.5)
      highline (>= 1.7.1)
      security
    excon (0.54.0)
    faraday (0.9.2)
      multipart-post (>= 1.2, < 3)
    fastlane_core (0.59.0)
      colored
      commander (>= 4.4.0, <= 5.0.0)
      credentials_manager (>= 0.16.2, < 1.0.0)
      excon (>= 0.45.0, < 1.0)
      gh_inspector (>= 1.0.1, < 2.0.0)
      highline (>= 1.7.2)
      json
      multi_json
      plist (>= 3.1.0, < 4.0.0)
      rubyzip (~> 1.1.6)
      terminal-table (>= 1.4.5, < 2.0.0)
    gh_inspector (1.0.2)
    google-api-client (0.9.2)
      activesupport (>= 3.2)
      addressable (~> 2.3)
      googleauth (~> 0.5)
      httpclient (~> 2.7)
      hurley (~> 0.1)
      memoist (~> 0.11)
      mime-types (>= 1.6)
      multi_json (~> 1.11)
      representable (~> 2.3.0)
      retriable (~> 2.0)
      thor (~> 0.19)
    googleauth (0.5.1)
      faraday (~> 0.9)
      jwt (~> 1.4)
      logging (~> 2.0)
      memoist (~> 0.12)
      multi_json (~> 1.11)
      os (~> 0.9)
      signet (~> 0.7)
    highline (1.7.8)
    httpclient (2.7.1)
    hurley (0.2)
    i18n (0.7.0)
    json (1.8.3)
    jwt (1.5.2)
    little-plugger (1.1.4)
    logging (2.0.0)
      little-plugger (~> 1.1)
      multi_json (~> 1.10)
    memoist (0.14.0)
    mime-types (3.1)
      mime-types-data (~> 3.2015)
    mime-types-data (3.2016.0521)
    minitest (5.9.1)
    multi_json (1.12.1)
    multipart-post (2.0.0)
    os (0.9.6)
    plist (3.2.0)
    representable (2.3.0)
      uber (~> 0.0.7)
    retriable (2.1.0)
    rubyzip (1.1.7)
    security (0.1.3)
    signet (0.7.2)
      addressable (~> 2.3)
      faraday (~> 0.9)
      jwt (~> 1.5)
      multi_json (~> 1.10)
    supply (0.8.0)
      credentials_manager (>= 0.16.0)
      fastlane_core (>= 0.52.0)
      google-api-client (~> 0.9.1)
    terminal-table (1.7.3)
      unicode-display_width (~> 1.1.1)
    thor (0.19.1)
    thread_safe (0.3.5)
    tzinfo (1.2.2)
      thread_safe (~> 0.1)
    uber (0.0.15)
    unicode-display_width (1.1.2)

PLATFORMS
  ruby

DEPENDENCIES
  supply

BUNDLED WITH
   1.11.2
